GEM
  remote: http://rubygems.org/
  specs:
    builder (3.1.4)
    geminabox (0.8.0)
      builder
      httpclient
      sinatra
    httpclient (2.3.2)
    rack (1.4.4)
    rack-protection (1.3.2)
      rack
    sinatra (1.3.3)
      rack (~> 1.3, >= 1.3.6)
      rack-protection (~> 1.2)
      tilt (~> 1.3, >= 1.3.3)
    tilt (1.3.3)

PLATFORMS
  ruby

DEPENDENCIES
  geminabox
  sinatra
